GIT
  remote: git://github.com/itmedia/media-persistence.git
  revision: a048100a3a6217065480d9347e9d7f0f5bf398b0
  specs:
    media-persistence (0.0.1)
      sequel
      sequel_pg

GIT
  remote: git://github.com/itmedia/media-web.git
  revision: eb615352c428e9e4b3cf1a9b60a522f80fac7629
  specs:
    media-web (0.0.1)
      puma
      rack-cache
      rack-throttle
      sinatra
      slim
      yajl-ruby

GEM
  remote: https://rubygems.org/
  specs:
    dotenv (0.9.0)
    foreman (0.63.0)
      dotenv (>= 0.7)
      thor (>= 0.13.6)
    pg (0.17.0)
    puma (2.6.0)
      rack (>= 1.1, < 2.0)
    rack (1.5.2)
    rack-cache (1.2)
      rack (>= 0.4)
    rack-protection (1.5.1)
      rack
    rack-throttle (0.3.0)
      rack (>= 1.0.0)
    rake (10.1.0)
    sequel (4.4.0)
    sequel_pg (1.6.8)
      pg (>= 0.8.0)
      sequel (>= 3.39.0)
    sinatra (1.4.4)
      rack (~> 1.4)
      rack-protection (~> 1.4)
      tilt (~> 1.3, >= 1.3.4)
    slim (2.0.2)
      temple (~> 0.6.6)
      tilt (>= 1.3.3, < 2.1)
    temple (0.6.7)
    thor (0.18.1)
    tilt (1.4.1)
    yajl-ruby (1.1.0)

PLATFORMS
  ruby

DEPENDENCIES
  foreman
  media-persistence!
  media-web!
  rake
